PATH
  remote: .
  specs:
    ione (1.3.0.pre3)

GEM
  remote: https://rubygems.org/
  specs:
    bigdecimal (3.2.2)
    coveralls (0.8.23)
      json (>= 1.8, < 3)
      simplecov (~> 0.16.1)
      term-ansicolor (~> 1.3)
      thor (>= 0.19.4, < 2.0)
      tins (~> 1.6)
    diff-lcs (1.6.2)
    docile (1.4.1)
    http_parser.rb (0.8.0)
    json (2.12.2)
    logger (1.7.0)
    rake (13.3.0)
    redcarpet (3.6.1)
    rspec (3.13.1)
      rspec-core (~> 3.13.0)
      rspec-expectations (~> 3.13.0)
      rspec-mocks (~> 3.13.0)
    rspec-core (3.13.4)
      rspec-support (~> 3.13.0)
    rspec-expectations (3.13.5)
      diff-lcs (>= 1.2.0, < 2.0)
      rspec-support (~> 3.13.0)
    rspec-mocks (3.13.5)
      diff-lcs (>= 1.2.0, < 2.0)
      rspec-support (~> 3.13.0)
    rspec-support (3.13.4)
    simplecov (0.16.1)
      docile (~> 1.1)
      json (>= 1.8, < 3)
      simplecov-html (~> 0.10.0)
    simplecov-html (0.10.2)
    sync (0.5.0)
    term-ansicolor (1.11.2)
      tins (~> 1.0)
    thor (1.3.2)
    tins (1.38.0)
      bigdecimal
      sync
    webrick (1.9.1)
    yard (0.9.37)

PLATFORMS
  ruby

DEPENDENCIES
  coveralls
  http_parser.rb
  ione!
  logger
  rake
  redcarpet
  rspec
  simplecov
  webrick
  yard

BUNDLED WITH
   2.6.9
